GEM
  remote: https://rubygems.org/
  specs:
    activesupport (4.2.6)
      i18n (~> 0.7)
      json (~> 1.7, >= 1.7.7)
      minitest (~> 5.1)
      thread_safe (~> 0.3, >= 0.3.4)
      tzinfo (~> 1.1)
    coderay (1.1.1)
    curb (0.9.3)
    hue (0.2.0)
      curb
      json
      log_switch (= 0.4.0)
      thor
    i18n (0.7.0)
    json (1.8.3)
    log_switch (0.4.0)
    method_source (0.8.2)
    minitest (5.9.0)
    passive_record (0.4.11)
      activesupport (~> 4.2)
    pry (0.10.4)
      coderay (~> 1.1.0)
      method_source (~> 0.8.1)
      slop (~> 3.4)
    slop (3.6.0)
    thor (0.19.1)
    thread_safe (0.3.5)
    tzinfo (1.2.2)
      thread_safe (~> 0.1)

PLATFORMS
  ruby

DEPENDENCIES
  hue
  passive_record
  pry

BUNDLED WITH
   1.12.5
